GEM
  remote: http://rubygems.org/
  specs:
    arel (2.0.6)
    epoxy (0.3.1)
    git (1.2.5)
    jeweler (1.5.2)
      bundler (~> 1.0.0)
      git (>= 1.2.5)
      rake
    mysql (2.8.1)
    pg (0.9.0)
    rake (0.8.7)
    rcov (0.9.9)
    rdbi (0.9.1)
      epoxy (>= 0.3.1)
      typelib
    rdbi-dbrc (0.1.0)
      rdbi
    rdbi-driver-mysql (0.9.2)
      mysql (>= 2.8.1)
      rdbi
    rdbi-driver-postgresql (0.9.1)
      epoxy (>= 0.3.1)
      pg (= 0.9.0)
      rdbi
    rdbi-driver-sqlite3 (0.9.1)
      epoxy (>= 0.3.1)
      rdbi
      sqlite3-ruby (~> 1.3)
    sqlite3-ruby (1.3.2)
    typelib (0.1.0)

PLATFORMS
  ruby

DEPENDENCIES
  arel
  bundler (~> 1.0.0)
  jeweler (~> 1.5.2)
  rcov
  rdbi
  rdbi-dbrc
  rdbi-driver-mysql
  rdbi-driver-postgresql
  rdbi-driver-sqlite3
